GEM
  remote: https://gems.ruby-china.org/
  specs:
    awesome_print (1.8.0)
    builder (3.2.3)
    data-provider (0.2.3)
    deep_merge (1.2.1)
    domain_name (0.5.20170404)
      unf (>= 0.0.5, < 1.0.0)
    ebngen (1.1.0)
    ffi (1.9.21-x64-mingw32)
    http-cookie (1.0.3)
      domain_name (~> 0.5)
    mime-types (2.99.3)
    mini_portile2 (2.3.0)
    netrc (0.11.0)
    nokogiri (1.8.2-x64-mingw32)
      mini_portile2 (~> 2.3.0)
    rest-client (1.8.0-x64-mingw32)
      ffi (~> 1.9)
      http-cookie (>= 1.0.2, < 2.0)
      mime-types (>= 1.16, < 3.0)
      netrc (~> 0.7)
    unf (0.1.4)
      unf_ext
    unf_ext (0.0.7.5-x64-mingw32)
    xsd-populator (0.2.1)
      builder (~> 3.2)
      data-provider (~> 0.2)
      xsd-reader (~> 0.2)
    xsd-reader (0.4.0)
      nokogiri (~> 1.6)
      rest-client (~> 1.8)
    yml_merger (1.0.1)

PLATFORMS
  x64-mingw32

DEPENDENCIES
  awesome_print
  deep_merge
  ebngen
  nokogiri
  xsd-populator
  xsd-reader
  yml_merger

BUNDLED WITH
   1.13.6
